GEM
  remote: http://rubygems.org/
  specs:
    faraday (0.9.2)
      multipart-post (>= 1.2, < 3)
    geolocater (0.1.0)
      faraday
      json
    json (2.0.2)
    multipart-post (2.0.0)
    rack (1.6.4)
    rack-protection (1.5.3)
      rack
    ruby_http_client (3.0.0)
    sendgrid-ruby (4.0.4)
      ruby_http_client (~> 3.0.0)
    sinatra (1.4.7)
      rack (~> 1.5)
      rack-protection (~> 1.4)
      tilt (>= 1.3, < 3)
    tilt (2.0.5)

PLATFORMS
  x86-mingw32

DEPENDENCIES
  geolocater
  sendgrid-ruby
  sinatra

BUNDLED WITH
   1.11.2
